GEM
  remote: https://rubygems.org/
  specs:
    addressable (2.4.0)
    domain_name (0.5.20161021)
      unf (>= 0.0.5, < 1.0.0)
    http (2.0.3)
      addressable (~> 2.3)
      http-cookie (~> 1.0)
      http-form_data (~> 1.0.1)
      http_parser.rb (~> 0.6.0)
    http-cookie (1.0.3)
      domain_name (~> 0.5)
    http-form_data (1.0.1)
    http_parser.rb (0.6.0)
    puma (3.12.2)
    rack (2.0.8)
    roda (2.19.0)
      rack
    unf (0.1.4)
      unf_ext
    unf_ext (0.0.7.2)
    zipruby (0.3.6)

PLATFORMS
  ruby

DEPENDENCIES
  http
  puma
  roda
  zipruby
